GIT
  remote: https://github.com/umbrellio/smart-validator.git
  revision: 875b034324c5ed5916b981a65759dbc8580e55f1
  specs:
    smart-validator (0.1.0)
      smart_schema (~> 0.5)

PATH
  remote: .
  specs:
    dddlib (0.1.0)

GEM
  remote: https://rubygems.org/
  specs:
    activesupport (7.0.3.1)
      concurrent-ruby (~> 1.0, >= 1.0.2)
      i18n (>= 1.6, < 2)
      minitest (>= 5.1)
      tzinfo (~> 2.0)
    amazing_print (1.4.0)
    ast (2.4.2)
    coderay (1.1.3)
    concurrent-ruby (1.1.10)
    diff-lcs (1.5.0)
    i18n (1.12.0)
      concurrent-ruby (~> 1.0)
    json (2.6.2)
    memery (1.4.1)
      ruby2_keywords (~> 0.0.2)
    method_source (1.0.0)
    minitest (5.16.3)
    parallel (1.22.1)
    parser (3.1.2.1)
      ast (~> 2.4.1)
    pry (0.14.1)
      coderay (~> 1.1)
      method_source (~> 1.0)
    qonfig (0.28.0)
    rack (2.2.4)
    rainbow (3.1.1)
    rake (13.0.6)
    regexp_parser (2.5.0)
    resol (0.8.0)
      smart_initializer (~> 0.7)
    rexml (3.2.5)
    rspec (3.11.0)
      rspec-core (~> 3.11.0)
      rspec-expectations (~> 3.11.0)
      rspec-mocks (~> 3.11.0)
    rspec-core (3.11.0)
      rspec-support (~> 3.11.0)
    rspec-expectations (3.11.0)
      diff-lcs (>= 1.2.0, < 2.0)
      rspec-support (~> 3.11.0)
    rspec-json_matcher (0.2.0)
      amazing_print
      json
    rspec-mocks (3.11.1)
      diff-lcs (>= 1.2.0, < 2.0)
      rspec-support (~> 3.11.0)
    rspec-support (3.11.0)
    rubocop (1.35.1)
      json (~> 2.3)
      parallel (~> 1.10)
      parser (>= 3.1.2.1)
      rainbow (>= 2.2.2, < 4.0)
      regexp_parser (>= 1.8, < 3.0)
      rexml (>= 3.2.5, < 4.0)
      rubocop-ast (>= 1.20.1, < 2.0)
      ruby-progressbar (~> 1.7)
      unicode-display_width (>= 1.4.0, < 3.0)
    rubocop-ast (1.21.0)
      parser (>= 3.1.1.0)
    rubocop-config-umbrellio (1.35.0.69)
      rubocop (~> 1.35.0)
      rubocop-performance (~> 1.14.0)
      rubocop-rails (~> 2.15.0)
      rubocop-rake (~> 0.6.0)
      rubocop-rspec (~> 2.12.0)
      rubocop-sequel (~> 0.3.3)
    rubocop-performance (1.14.3)
      rubocop (>= 1.7.0, < 2.0)
      rubocop-ast (>= 0.4.0)
    rubocop-rails (2.15.2)
      activesupport (>= 4.2.0)
      rack (>= 1.1)
      rubocop (>= 1.7.0, < 2.0)
    rubocop-rake (0.6.0)
      rubocop (~> 1.0)
    rubocop-rspec (2.12.1)
      rubocop (~> 1.31)
    rubocop-sequel (0.3.4)
      rubocop (~> 1.0)
    ruby-progressbar (1.11.0)
    ruby2_keywords (0.0.5)
    smart_engine (0.12.0)
    smart_initializer (0.9.1)
      qonfig (~> 0.24)
      smart_engine (~> 0.11)
      smart_types (~> 0.4)
    smart_schema (0.5.0)
      smart_engine (~> 0.11)
      smart_types (~> 0.4)
    smart_types (0.7.1)
      smart_engine (~> 0.11)
    tzinfo (2.0.5)
      concurrent-ruby (~> 1.0)
    unicode-display_width (2.2.0)

PLATFORMS
  ruby
  x86_64-darwin-20

DEPENDENCIES
  activesupport
  dddlib!
  memery
  parallel
  pry
  rake
  resol
  rspec
  rspec-json_matcher
  rubocop-config-umbrellio
  smart-validator!

BUNDLED WITH
   2.3.21
